GEM
  remote: https://rubygems.org/
  specs:
    bson (4.5.0)
    dotenv (2.2.1)
    mongo (2.10.2)
      bson (>= 4.4.2, < 5.0.0)

PLATFORMS
  ruby
  x64-mingw32

DEPENDENCIES
  dotenv
  mongo (~> 2.10)

RUBY VERSION
   ruby 2.6.3p62

BUNDLED WITH
   1.17.2
