GEM
  remote: https://rubygems.org/
  specs:
    bson (4.2.2)
    dotenv (2.2.1)
    mongo (2.4.3)
      bson (>= 4.2.1, < 5.0.0)

PLATFORMS
  ruby

DEPENDENCIES
  dotenv
  mongo (~> 2.4)

RUBY VERSION
   ruby 2.4.1p111

BUNDLED WITH
   1.15.3
